PATH
  remote: .
  specs:
    newrelic_postgres_plugin (0.1.6)
      newrelic_plugin (~> 1.0.2)
      pg (>= 0.15.1)

GEM
  remote: https://rubygems.org/
  specs:
    faraday (0.8.8)
      multipart-post (~> 1.2.0)
    json (1.8.0)
    multipart-post (1.2.0)
    newrelic_plugin (1.0.3)
      faraday (>= 0.8.1)
      json
    pg (0.16.0)

PLATFORMS
  ruby

DEPENDENCIES
  newrelic_postgres_plugin!
