GEM
  remote: http://rubygems.org/
  specs:
    faraday (0.8.7)
      multipart-post (~> 1.1)
    json (1.8.0)
    multipart-post (1.2.0)
    newrelic_plugin (1.0.2)
      faraday (>= 0.8.1)
      json
    pg (0.15.1)

PLATFORMS
  ruby

DEPENDENCIES
  newrelic_plugin (~> 1.0.2)
  pg
