PATH
  remote: .
  specs:
    newrelic_postgres_plugin (0.1.10)
      newrelic_plugin (~> 1.3)
      pg (>= 0.15.1)

GEM
  remote: https://rubygems.org/
  specs:
    json (1.8.1)
    newrelic_plugin (1.3.1)
      json
    pg (0.17.1)

PLATFORMS
  ruby

DEPENDENCIES
  newrelic_postgres_plugin!
